GEM
  remote: https://rubygems.org/
  specs:
    coderay (1.1.1)
    coffee-script (2.4.1)
      coffee-script-source
      execjs
    coffee-script-source (1.10.0)
    commonjs (0.2.7)
    concurrent-ruby (1.0.2)
    daemons (1.2.4)
    eventmachine (1.2.0.1)
    execjs (2.7.0)
    haml (4.0.7)
      tilt
    less (2.6.0)
      commonjs (~> 0.2.7)
    method_source (0.8.2)
    pry (0.10.4)
      coderay (~> 1.1.0)
      method_source (~> 0.8.1)
      slop (~> 3.4)
    rack (1.6.4)
    sinatra (1.0)
      rack (>= 1.0)
    sinatra-advanced-routes (0.5.3)
      sinatra (~> 1.0)
    sinatra-reloader (0.5.0)
      sinatra (~> 1.0)
      sinatra-advanced-routes (~> 0.5.0)
    slop (3.6.0)
    sprockets (3.7.0)
      concurrent-ruby (~> 1.0)
      rack (> 1, < 3)
    thin (1.7.0)
      daemons (~> 1.0, >= 1.0.9)
      eventmachine (~> 1.0, >= 1.0.4)
      rack (>= 1, < 3)
    tilt (2.0.5)

PLATFORMS
  ruby

DEPENDENCIES
  coffee-script
  haml
  less
  pry
  rack (= 1.6.4)
  sinatra
  sinatra-reloader
  sprockets
  thin

BUNDLED WITH
   1.13.2
